GEM
  remote: https://rubygems.org/
  specs:
    bible_gateway (0.0.10)
      nokogiri
      typhoeus
    ethon (0.9.0)
      ffi (>= 1.3.0)
    fcgi (0.9.2.1)
    ffi (1.9.10)
    mini_portile2 (2.1.0)
    nokogiri (1.6.8)
      mini_portile2 (~> 2.1.0)
      pkg-config (~> 1.1.7)
    pkg-config (1.1.7)
    rack (1.6.4)
    rack-protection (1.5.3)
      rack
    sinatra (1.4.7)
      rack (~> 1.5)
      rack-protection (~> 1.4)
      tilt (>= 1.3, < 3)
    tilt (2.0.5)
    typhoeus (1.0.2)
      ethon (>= 0.9.0)

PLATFORMS
  ruby

DEPENDENCIES
  bible_gateway
  fcgi
  sinatra

BUNDLED WITH
   1.12.5
